GEM
  remote: https://rubygems.org/
  specs:
    concurrent-ruby (1.1.6)
    connection_pool (2.2.5)
    docker-api (1.34.2)
      excon (>= 0.47.0)
      multi_json
    e2mmap (0.1.0)
    et-orbi (1.2.4)
      tzinfo
    excon (0.73.0)
    faraday (1.0.1)
      multipart-post (>= 1.2, < 3)
    fugit (1.3.5)
      et-orbi (~> 1.1, >= 1.1.8)
      raabro (~> 1.1)
    multi_json (1.14.1)
    multipart-post (2.1.1)
    nio4r (2.5.7)
    oj (3.10.6)
    prometheus-client (2.0.0)
    puma (4.3.8)
      nio4r (~> 2.0)
    raabro (1.3.1)
    rack (2.2.3)
    redis (4.4.0)
    rufus-scheduler (3.6.0)
      fugit (~> 1.1, >= 1.1.6)
    sidekiq (6.2.1)
      connection_pool (>= 2.2.2)
      rack (~> 2.0)
      redis (>= 4.2.0)
    sidekiq-scheduler (3.0.1)
      e2mmap
      redis (>= 3, < 5)
      rufus-scheduler (~> 3.2)
      sidekiq (>= 3)
      thwait
      tilt (>= 1.4.0)
    thwait (0.1.0)
    tilt (2.0.10)
    tzinfo (2.0.2)
      concurrent-ruby (~> 1.0)
    tzinfo-data (1.2020.1)
      tzinfo (>= 1.0.0)

PLATFORMS
  ruby

DEPENDENCIES
  docker-api
  e2mmap
  faraday
  oj
  prometheus-client
  puma
  rack
  sidekiq
  sidekiq-scheduler
  thwait
  tzinfo-data

BUNDLED WITH
   2.1.4
