GEM
  remote: https://rubygems.org/
  specs:
    concurrent-ruby (1.1.5)
    connection_pool (2.2.2)
    docker-api (1.34.2)
      excon (>= 0.47.0)
      multi_json
    e2mmap (0.1.0)
    et-orbi (1.2.2)
      tzinfo
    excon (0.72.0)
    faraday (1.0.0)
      multipart-post (>= 1.2, < 3)
    fugit (1.3.3)
      et-orbi (~> 1.1, >= 1.1.8)
      raabro (~> 1.1)
    multi_json (1.14.1)
    multipart-post (2.1.1)
    nio4r (2.5.2)
    oj (3.10.0)
    prometheus-client (1.0.0)
    puma (4.3.5)
      nio4r (~> 2.0)
    raabro (1.1.6)
    rack (2.1.0)
    rack-protection (2.0.8.1)
      rack
    redis (4.1.3)
    rufus-scheduler (3.6.0)
      fugit (~> 1.1, >= 1.1.6)
    sidekiq (6.0.4)
      connection_pool (>= 2.2.2)
      rack (>= 2.0.0)
      rack-protection (>= 2.0.0)
      redis (>= 4.1.0)
    sidekiq-scheduler (3.0.0)
      redis (>= 3, < 5)
      rufus-scheduler (~> 3.2)
      sidekiq (>= 3)
      tilt (>= 1.4.0)
    thwait (0.1.0)
    tilt (2.0.10)
    tzinfo (2.0.1)
      concurrent-ruby (~> 1.0)
    tzinfo-data (1.2019.3)
      tzinfo (>= 1.0.0)

PLATFORMS
  ruby

DEPENDENCIES
  docker-api
  e2mmap
  faraday
  oj
  prometheus-client
  puma
  rack
  sidekiq
  sidekiq-scheduler
  thwait
  tzinfo-data

BUNDLED WITH
   2.1.4
